GEM
  remote: https://rubygems.org/
  specs:
    gpgme (2.0.20)
      mini_portile2 (~> 2.3)
    hiera-eyaml (3.2.2)
      highline
      optimist
    hiera-eyaml-gpg (0.7.4)
      hiera-eyaml (>= 1.3.8)
    highline (2.0.3)
    mini_portile2 (2.8.0)
    optimist (3.0.1)

PLATFORMS
  arm64-darwin-21

DEPENDENCIES
  gpgme
  hiera-eyaml
  hiera-eyaml-gpg

BUNDLED WITH
   2.3.6
